GEM
  remote: https://rubygems.org/
  specs:
    actionview (6.1.7)
      activesupport (= 6.1.7)
      builder (~> 3.1)
      erubi (~> 1.4)
      rails-dom-testing (~> 2.0)
      rails-html-sanitizer (~> 1.1, >= 1.2.0)
    activesupport (6.1.7)
      concurrent-ruby (~> 1.0, >= 1.0.2)
      i18n (>= 1.6, < 2)
      minitest (>= 5.1)
      tzinfo (~> 2.0)
      zeitwerk (~> 2.3)
    builder (3.2.4)
    chronic (0.10.2)
    concurrent-ruby (1.1.10)
    crass (1.0.6)
    dotiw (5.3.3)
      activesupport
      i18n
    erubi (1.11.0)
    i18n (1.12.0)
      concurrent-ruby (~> 1.0)
    loofah (2.19.0)
      crass (~> 1.0.2)
      nokogiri (>= 1.5.9)
    mini_portile2 (2.8.0)
    minitest (5.16.3)
    nokogiri (1.13.9)
      mini_portile2 (~> 2.8.0)
      racc (~> 1.4)
    nokogiri (1.13.9-x86_64-darwin)
      racc (~> 1.4)
    racc (1.6.0)
    rails-dom-testing (2.0.3)
      activesupport (>= 4.2.0)
      nokogiri (>= 1.6)
    rails-html-sanitizer (1.4.3)
      loofah (~> 2.3)
    tzinfo (2.0.5)
      concurrent-ruby (~> 1.0)
    whenever (1.0.0)
      chronic (>= 0.6.3)
    zeitwerk (2.6.6)

PLATFORMS
  ruby
  universal-darwin-21
  x86_64-darwin-20

DEPENDENCIES
  actionview
  activesupport
  dotiw
  nokogiri
  whenever

RUBY VERSION
   ruby 2.6.10p210

BUNDLED WITH
   1.17.2
